GEM
  remote: https://rubygems.org/
  specs:
<<<<<<< HEAD
    actioncable (5.1.6.2)
      actionpack (= 5.1.6.2)
      nio4r (~> 2.0)
      websocket-driver (~> 0.6.1)
    actionmailer (5.1.6.2)
      actionpack (= 5.1.6.2)
      actionview (= 5.1.6.2)
      activejob (= 5.1.6.2)
      mail (~> 2.5, >= 2.5.4)
      rails-dom-testing (~> 2.0)
    actionpack (5.1.6.2)
      actionview (= 5.1.6.2)
      activesupport (= 5.1.6.2)
      rack (~> 2.0)
      rack-test (>= 0.6.3)
      rails-dom-testing (~> 2.0)
      rails-html-sanitizer (~> 1.0, >= 1.0.2)
    actionview (5.1.6.2)
      activesupport (= 5.1.6.2)
      builder (~> 3.1)
      erubi (~> 1.4)
      rails-dom-testing (~> 2.0)
      rails-html-sanitizer (~> 1.0, >= 1.0.3)
    activejob (5.1.6.2)
      activesupport (= 5.1.6.2)
      globalid (>= 0.3.6)
    activemodel (5.1.6.2)
      activesupport (= 5.1.6.2)
    activerecord (5.1.6.2)
      activemodel (= 5.1.6.2)
      activesupport (= 5.1.6.2)
      arel (~> 8.0)
    activesupport (5.1.6.2)
      concurrent-ruby (~> 1.0, >= 1.0.2)
      i18n (>= 0.7, < 2)
=======
    actionmailer (4.2.11.1)
      actionpack (= 4.2.11.1)
      actionview (= 4.2.11.1)
      activejob (= 4.2.11.1)
      mail (~> 2.5, >= 2.5.4)
      rails-dom-testing (~> 1.0, >= 1.0.5)
    actionpack (4.2.11.1)
      actionview (= 4.2.11.1)
      activesupport (= 4.2.11.1)
      rack (~> 1.6)
      rack-test (~> 0.6.2)
      rails-dom-testing (~> 1.0, >= 1.0.5)
      rails-html-sanitizer (~> 1.0, >= 1.0.2)
    actionview (4.2.11.1)
      activesupport (= 4.2.11.1)
      builder (~> 3.1)
      erubis (~> 2.7.0)
      rails-dom-testing (~> 1.0, >= 1.0.5)
      rails-html-sanitizer (~> 1.0, >= 1.0.3)
    activejob (4.2.11.1)
      activesupport (= 4.2.11.1)
      globalid (>= 0.3.0)
    activemodel (4.2.11.1)
      activesupport (= 4.2.11.1)
      builder (~> 3.1)
    activerecord (4.2.11.1)
      activemodel (= 4.2.11.1)
      activesupport (= 4.2.11.1)
      arel (~> 6.0)
    activesupport (4.2.11.1)
      i18n (~> 0.7)
>>>>>>> stable
      minitest (~> 5.1)
      tzinfo (~> 1.1)
<<<<<<< HEAD
    activevalidators (4.1.0)
      activemodel (>= 3.0)
      countries (>= 1.2, < 3.0)
=======
    activevalidators (5.0.1)
      activemodel (>= 3.0)
      countries (>= 1.2, < 4.0)
>>>>>>> stable
      credit_card_validations (~> 3.2)
      date_validator
      mail
      phony (~> 2.0)
      rake
<<<<<<< HEAD
    addressable (2.5.2)
      public_suffix (>= 2.0.2, < 4.0)
    annotate (2.6.7)
      activerecord (>= 2.3.0)
      rake (~> 10.4.2, >= 10.4.2)
    arel (8.0.0)
    authie (3.1.5)
    bcrypt (3.1.11)
    builder (3.2.3)
    chronic (0.10.2)
    chronic_duration (0.10.6)
      numerizer (~> 0.1.1)
    coffee-rails (4.2.2)
      coffee-script (>= 2.2.0)
      railties (>= 4.0.0)
=======
    addressable (2.6.0)
      public_suffix (>= 2.0.2, < 4.0)
    annotate (2.6.10)
      activerecord (>= 3.2, <= 4.3)
      rake (~> 10.4)
    arel (6.0.4)
    authie (1.1.2)
    bcrypt (3.1.12)
    binding_of_caller (0.8.0)
      debug_inspector (>= 0.0.1)
    builder (3.2.3)
    byebug (11.0.1)
    chronic (0.10.2)
    chronic_duration (0.10.6)
      numerizer (~> 0.1.1)
    coderay (1.1.2)
    coffee-rails (4.1.1)
      coffee-script (>= 2.2.0)
      railties (>= 4.0.0, < 5.1.x)
>>>>>>> stable
    coffee-script (2.4.1)
      coffee-script-source
      execjs
    coffee-script-source (1.12.2)
    concurrent-ruby (1.1.5)
<<<<<<< HEAD
    countries (2.1.4)
      i18n_data (~> 0.8.0)
      money (~> 6.9)
      sixarm_ruby_unaccent (~> 1.1)
      unicode_utils (~> 1.4)
    crass (1.0.4)
    credit_card_validations (3.4.0)
      activemodel (>= 3, <= 6)
      activesupport (>= 3, <= 6)
    css_parser (1.6.0)
      addressable
=======
    countries (3.0.0)
      i18n_data (~> 0.8.0)
      sixarm_ruby_unaccent (~> 1.1)
      unicode_utils (~> 1.4)
    crass (1.0.4)
    credit_card_validations (3.5.0)
      activemodel (>= 3, <= 6)
      activesupport (>= 3, <= 6)
    css_parser (1.7.0)
      addressable
    daemons (1.3.1)
>>>>>>> stable
    date_validator (0.9.0)
      activemodel
      activesupport
    datey (1.1.0)
<<<<<<< HEAD
    deep_merge (1.2.1)
    delayed_job (4.1.4)
      activesupport (>= 3.0, < 5.2)
    delayed_job_active_record (4.1.2)
      activerecord (>= 3.0, < 5.2)
      delayed_job (>= 3.0, < 5)
    dynamic_form (1.1.4)
    erubi (1.8.0)
    execjs (2.7.0)
    ffi (1.9.25)
    florrick (1.1.3)
    foreman (0.84.0)
      thor (~> 0.19.1)
    globalid (0.4.2)
      activesupport (>= 4.2.0)
    haml (5.0.4)
      temple (>= 0.8.0)
=======
    debug_inspector (0.0.3)
    deep_merge (1.2.1)
    delayed_job (4.1.5)
      activesupport (>= 3.0, < 5.3)
    delayed_job_active_record (4.1.3)
      activerecord (>= 3.0, < 5.3)
      delayed_job (>= 3.0, < 5)
    dynamic_form (1.1.4)
    erubis (2.7.0)
    execjs (2.7.0)
    ffi (1.10.0)
    florrick (1.1.3)
    foreman (0.85.0)
      thor (~> 0.19.1)
    globalid (0.4.2)
      activesupport (>= 4.2.0)
    haml (4.0.7)
>>>>>>> stable
      tilt
    htmlentities (4.3.4)
    i18n (0.9.5)
      concurrent-ruby (~> 1.0)
    i18n_data (0.8.0)
<<<<<<< HEAD
    jquery-rails (4.3.1)
=======
    jquery-rails (4.3.3)
>>>>>>> stable
      rails-dom-testing (>= 1, < 3)
      railties (>= 4.2.0)
      thor (>= 0.14, < 2.0)
    json (1.8.6)
<<<<<<< HEAD
    kaminari (1.1.1)
      activesupport (>= 4.1.0)
      kaminari-actionview (= 1.1.1)
      kaminari-activerecord (= 1.1.1)
      kaminari-core (= 1.1.1)
    kaminari-actionview (1.1.1)
      actionview
      kaminari-core (= 1.1.1)
    kaminari-activerecord (1.1.1)
      activerecord
      kaminari-core (= 1.1.1)
    kaminari-core (1.1.1)
    log_logins (1.0.2)
      activerecord
=======
    kaminari (0.16.3)
      actionpack (>= 3.0.0)
      activesupport (>= 3.0.0)
    libv8 (3.16.14.19)
>>>>>>> stable
    loofah (2.2.3)
      crass (~> 1.0.2)
      nokogiri (>= 1.5.9)
    mail (2.7.1)
      mini_mime (>= 0.1.1)
    method_source (0.9.2)
    mini_mime (1.0.1)
    mini_portile2 (2.4.0)
    minitest (5.11.3)
<<<<<<< HEAD
    money (6.10.1)
      i18n (>= 0.6.4, < 1.0)
    moonrope (2.0.1)
      deep_merge (~> 1.0)
      json (~> 1.7)
      rack (>= 1.4)
    mysql2 (0.4.10)
    nifty-attachments (1.0.4)
    nifty-utils (1.1.7)
    nilify_blanks (1.3.0)
      activerecord (>= 3.0.0)
      activesupport (>= 3.0.0)
    nio4r (2.3.1)
    nokogiri (1.10.1)
      mini_portile2 (~> 2.4.0)
    numerizer (0.1.1)
    phony (2.16.3)
    premailer (1.11.1)
      addressable
      css_parser (>= 1.6.0)
      htmlentities (>= 4.0.0)
    public_suffix (3.0.2)
    puma (3.11.3)
    rack (2.0.6)
    rack-custom-proxies (1.0.1)
      rack
    rack-test (1.1.0)
      rack (>= 1.0, < 3)
    rails (5.1.6.2)
      actioncable (= 5.1.6.2)
      actionmailer (= 5.1.6.2)
      actionpack (= 5.1.6.2)
      actionview (= 5.1.6.2)
      activejob (= 5.1.6.2)
      activemodel (= 5.1.6.2)
      activerecord (= 5.1.6.2)
      activesupport (= 5.1.6.2)
      bundler (>= 1.3.0)
      railties (= 5.1.6.2)
      sprockets-rails (>= 2.0.0)
    rails-dom-testing (2.0.3)
      activesupport (>= 4.2.0)
      nokogiri (>= 1.6)
    rails-html-sanitizer (1.0.4)
      loofah (~> 2.2, >= 2.2.2)
    rails_env_config (1.1.1)
    railties (5.1.6.2)
      actionpack (= 5.1.6.2)
      activesupport (= 5.1.6.2)
      method_source
      rake (>= 0.8.7)
      thor (>= 0.18.1, < 2.0)
    rake (10.4.2)
    rb-fsevent (0.10.3)
    rb-inotify (0.9.10)
      ffi (>= 0.5.0, < 2)
    redcarpet (3.4.0)
    sass (3.5.5)
=======
    moonrope (1.4.1)
      deep_merge (~> 1.0)
      json (~> 1.7)
      rack (~> 1.4)
    mysql2 (0.5.2)
    nifty-attachments (1.0.4)
    nifty-utils (1.1.7)
    nilify_blanks (1.1.0)
      activerecord (>= 3.0.0)
      activesupport (>= 3.0.0)
    nokogiri (1.10.1)
      mini_portile2 (~> 2.4.0)
    numerizer (0.1.1)
    phony (2.17.0)
    premailer (1.8.7)
      css_parser (>= 1.4.5)
      htmlentities (>= 4.0.0)
    pry (0.12.2)
      coderay (~> 1.1.0)
      method_source (~> 0.9.0)
    pry-rails (0.3.9)
      pry (>= 0.10.4)
    public_suffix (3.0.3)
    puma (3.12.1)
    rack (1.6.11)
    rack-test (0.6.3)
      rack (>= 1.0)
    rails (4.2.11.1)
      actionmailer (= 4.2.11.1)
      actionpack (= 4.2.11.1)
      actionview (= 4.2.11.1)
      activejob (= 4.2.11.1)
      activemodel (= 4.2.11.1)
      activerecord (= 4.2.11.1)
      activesupport (= 4.2.11.1)
      bundler (>= 1.3.0, < 2.0)
      railties (= 4.2.11.1)
      sprockets-rails
    rails-deprecated_sanitizer (1.0.3)
      activesupport (>= 4.2.0.alpha)
    rails-dom-testing (1.0.9)
      activesupport (>= 4.2.0, < 5.0)
      nokogiri (~> 1.6)
      rails-deprecated_sanitizer (>= 1.0.1)
    rails-html-sanitizer (1.0.4)
      loofah (~> 2.2, >= 2.2.2)
    rails_env_config (1.1.1)
    railties (4.2.11.1)
      actionpack (= 4.2.11.1)
      activesupport (= 4.2.11.1)
      rake (>= 0.8.7)
      thor (>= 0.18.1, < 2.0)
    rake (10.5.0)
    rb-fsevent (0.10.3)
    rb-inotify (0.10.0)
      ffi (~> 1.0)
    redcarpet (3.2.3)
    ref (2.0.0)
    sass (3.7.3)
>>>>>>> stable
      sass-listen (~> 4.0.0)
    sass-listen (4.0.0)
      rb-fsevent (~> 0.9, >= 0.9.4)
      rb-inotify (~> 0.9, >= 0.9.7)
    sass-rails (5.0.7)
      railties (>= 4.0.0, < 6)
      sass (~> 3.1)
      sprockets (>= 2.8, < 4.0)
      sprockets-rails (>= 2.0, < 4.0)
      tilt (>= 1.1, < 3)
    sixarm_ruby_unaccent (1.2.0)
    sprockets (3.7.2)
      concurrent-ruby (~> 1.0)
      rack (> 1, < 3)
    sprockets-rails (3.2.1)
      actionpack (>= 4.0)
      activesupport (>= 4.0)
      sprockets (>= 3.0.0)
<<<<<<< HEAD
    temple (0.8.0)
    thor (0.19.4)
    thread_safe (0.3.6)
    tilt (2.0.8)
    tzinfo (1.2.5)
      thread_safe (~> 0.1)
    uglifier (4.1.6)
      execjs (>= 0.3.0, < 3)
    unicode_utils (1.4.0)
    websocket-driver (0.6.5)
      websocket-extensions (>= 0.1.0)
    websocket-extensions (0.1.3)
=======
    therubyracer (0.12.3)
      libv8 (~> 3.16.14.15)
      ref
    thor (0.19.4)
    thread_safe (0.3.6)
    tilt (2.0.9)
    tzinfo (1.2.5)
      thread_safe (~> 0.1)
    uglifier (4.1.20)
      execjs (>= 0.3.0, < 3)
    unicode_utils (1.4.0)
    web-console (2.3.0)
      activemodel (>= 4.0)
      binding_of_caller (>= 0.7.2)
      railties (>= 4.0)
      sprockets-rails (>= 2.0, < 4.0)
>>>>>>> stable

PLATFORMS
  ruby

DEPENDENCIES
  activevalidators
  annotate (~> 2.6.5)
<<<<<<< HEAD
  authie
  bcrypt
  chronic
  chronic_duration
  coffee-rails
  datey
=======
  authie (~> 1.1.0)
  bcrypt (~> 3.1.7)
  byebug
  chronic (~> 0.10.2)
  chronic_duration (~> 0.10)
  coffee-rails (~> 4.1.0)
  daemons
  datey (~> 1.0)
>>>>>>> stable
  delayed_job_active_record
  dynamic_form
  florrick
  foreman
  haml
  jquery-rails
  kaminari
  log_logins
  moonrope
  mysql2
  nifty-attachments
  nifty-utils
  nilify_blanks
  premailer
  puma
<<<<<<< HEAD
  rack-custom-proxies
  rails (~> 5.1)
  rails_env_config
  redcarpet
  sass-rails
  uglifier

BUNDLED WITH
   1.17.2
=======
  rails (~> 4.2.6)
  rails_env_config (~> 1)
  redcarpet (~> 3.2.2)
  sass-rails (~> 5.0)
  therubyracer
  uglifier (>= 1.3.0)
  web-console (~> 2.0)

BUNDLED WITH
   1.16.6
>>>>>>> stable
